GIT
  remote: git@github.com:LoyaltyNZ/alchemy-flux.git
  revision: b3a599605ba59b35c3022654f40bcf03eddd4754
  branch: feature/v1.0
  specs:
    alchemy-flux (1.0.0)
      amqp (~> 1.5)
      eventmachine (~> 1.0)
      rack (~> 1.6)
      uuidtools (~> 2.1)

GEM
  remote: https://rubygems.org/
  specs:
    amq-protocol (1.9.2)
    amqp (1.5.1)
      amq-protocol (~> 1.9)
      eventmachine
    eventmachine (1.0.9.1)
    rack (1.6.4)
    rack-protection (1.5.3)
      rack
    sinatra (1.4.7)
      rack (~> 1.5)
      rack-protection (~> 1.4)
      tilt (>= 1.3, < 3)
    tilt (2.0.2)
    uuidtools (2.1.5)

PLATFORMS
  ruby

DEPENDENCIES
  alchemy-flux!
  sinatra

BUNDLED WITH
   1.11.2
